GEM
  remote: https://rubygems.org/
  specs:
    csl (1.0.2)
      namae (~> 0.7)
    diff-lcs (1.2.4)
    fuubar (1.1.1)
      rspec (~> 2.0)
      rspec-instafail (~> 0.2.0)
      ruby-progressbar (~> 1.0)
    mini_portile (0.5.1)
    namae (0.7.1)
    nokogiri (1.6.0)
      mini_portile (~> 0.5.0)
    nokogiri (1.6.0-x86-mingw32)
      mini_portile (~> 0.5.0)
    rake (10.1.0)
    rspec (2.14.1)
      rspec-core (~> 2.14.0)
      rspec-expectations (~> 2.14.0)
      rspec-mocks (~> 2.14.0)
    rspec-core (2.14.4)
    rspec-expectations (2.14.1)
      diff-lcs (>= 1.1.3, < 2.0)
    rspec-instafail (0.2.4)
    rspec-mocks (2.14.3)
    ruby-progressbar (1.2.0)

PLATFORMS
  ruby
  x86-mingw32

DEPENDENCIES
  csl (~> 1.0)
  fuubar
  nokogiri
  rake
  rspec
