GEM
  remote: https://rubygems.org/
  specs:
    csl (1.2.3)
      namae (~> 0.7)
    diff-lcs (1.2.5)
    fuubar (1.3.3)
      rspec (>= 2.14.0, < 3.1.0)
      ruby-progressbar (~> 1.4)
    mini_portile (0.6.0)
    namae (0.9.2)
    nokogiri (1.6.2.1)
      mini_portile (= 0.6.0)
    nokogiri (1.6.2.1-x86-mingw32)
      mini_portile (= 0.6.0)
    rake (10.3.2)
    rspec (2.14.1)
      rspec-core (~> 2.14.0)
      rspec-expectations (~> 2.14.0)
      rspec-mocks (~> 2.14.0)
    rspec-core (2.14.8)
    rspec-expectations (2.14.5)
      diff-lcs (>= 1.1.3, < 2.0)
    rspec-mocks (2.14.6)
    ruby-progressbar (1.5.1)

PLATFORMS
  ruby
  x86-mingw32

DEPENDENCIES
  csl (~> 1.0)
  fuubar
  nokogiri
  rake
  rspec
