GEM
  remote: http://rubygems.org/
  specs:
    csl (1.0.0.pre11)
      namae (~> 0.3)
    diff-lcs (1.1.3)
    fuubar (1.0.0)
      rspec (~> 2.0)
      rspec-instafail (~> 0.2.0)
      ruby-progressbar (~> 0.0.10)
    namae (0.7.1)
    nokogiri (1.5.5)
    nokogiri (1.5.5-x86-mingw32)
    rake (0.9.2.2)
    rspec (2.11.0)
      rspec-core (~> 2.11.0)
      rspec-expectations (~> 2.11.0)
      rspec-mocks (~> 2.11.0)
    rspec-core (2.11.1)
    rspec-expectations (2.11.3)
      diff-lcs (~> 1.1.3)
    rspec-instafail (0.2.4)
    rspec-mocks (2.11.3)
    ruby-progressbar (0.0.10)

PLATFORMS
  ruby
  x86-mingw32

DEPENDENCIES
  csl (= 1.0.0.pre11)
  fuubar
  nokogiri
  rake
  rspec
